GEM
  remote: http://rubygems.org/
  specs:
    activemodel (3.2.13)
      activesupport (= 3.2.13)
      builder (~> 3.0.0)
    activeresource (3.2.13)
      activemodel (= 3.2.13)
      activesupport (= 3.2.13)
    activesupport (3.2.13)
      i18n (= 0.6.1)
      multi_json (~> 1.0)
    builder (3.0.4)
    crack (0.3.2)
    diff-lcs (1.2.3)
    fakeweb (1.3.0)
    hashie (2.0.3)
    i18n (0.6.1)
    multi_json (1.0.4)
    rake (10.0.4)
    rcov (1.0.0)
    rspec (2.13.0)
      rspec-core (~> 2.13.0)
      rspec-expectations (~> 2.13.0)
      rspec-mocks (~> 2.13.0)
    rspec-core (2.13.1)
    rspec-expectations (2.13.0)
      diff-lcs (>= 1.1.3, < 2.0)
    rspec-mocks (2.13.1)
    ruby-fogbugz (0.1.1)
      crack
    simplecov (0.5.4)
      multi_json (~> 1.0.3)
      simplecov-html (~> 0.5.3)
    simplecov-html (0.5.3)
    taskmapper (1.0.1)
      activeresource (~> 3.0)
      activesupport (~> 3.0)
      hashie (~> 2.0)
    vcr (1.11.3)

PLATFORMS
  ruby

DEPENDENCIES
  fakeweb (~> 1.3)
  rake
  rcov (~> 1.0.0)
  rspec (~> 2.0)
  ruby-fogbugz (~> 0.1)
  simplecov (~> 0.5.0)
  taskmapper
  vcr (~> 1.11)
