PATH
  remote: .
  specs:
    taskmapper-fogbugz (0.5.1)
      ruby-fogbugz (~> 0.1)
      taskmapper

GEM
  remote: http://rubygems.org/
  specs:
    activemodel (3.2.14)
      activesupport (= 3.2.14)
      builder (~> 3.0.0)
    activeresource (3.2.14)
      activemodel (= 3.2.14)
      activesupport (= 3.2.14)
    activesupport (3.2.14)
      i18n (~> 0.6, >= 0.6.4)
      multi_json (~> 1.0)
    builder (3.0.4)
    crack (0.4.1)
      safe_yaml (~> 0.9.0)
    diff-lcs (1.2.3)
    fakeweb (1.3.0)
    hashie (2.0.5)
    i18n (0.6.5)
    multi_json (1.8.1)
    rspec (2.13.0)
      rspec-core (~> 2.13.0)
      rspec-expectations (~> 2.13.0)
      rspec-mocks (~> 2.13.0)
    rspec-core (2.13.1)
    rspec-expectations (2.13.0)
      diff-lcs (>= 1.1.3, < 2.0)
    rspec-mocks (2.13.1)
    ruby-fogbugz (0.1.1)
      crack
    safe_yaml (0.9.7)
    taskmapper (1.0.1)
      activeresource (~> 3.0)
      activesupport (~> 3.0)
      hashie (~> 2.0)
    vcr (1.11.3)

PLATFORMS
  ruby

DEPENDENCIES
  fakeweb (~> 1.3)
  rspec (~> 2.0)
  taskmapper-fogbugz!
  vcr (~> 1.11)
